GEM
  remote: http://rubygems.org/
  specs:
    brochure (0.5.4)
      hike (~> 1.0)
      rack (~> 1.0)
      tilt (~> 1.1)
    hike (1.2.1)
    rack (1.5.2)
    rack-reverse-proxy (0.4.4)
      rack (>= 1.0.0)
    tilt (1.3.3)

PLATFORMS
  ruby

DEPENDENCIES
  brochure
  rack-reverse-proxy
